PATH
  remote: .
  specs:
    rails_chat (1.0.2)
      faye
      thin

GEM
  remote: http://rubygems.org/
  specs:
    addressable (2.3.5)
    childprocess (0.3.9)
      ffi (~> 1.0, >= 1.0.11)
    cookiejar (0.3.0)
    daemons (1.1.9)
    diff-lcs (1.1.3)
    em-http-request (1.1.1)
      addressable (>= 2.3.4)
      cookiejar
      em-socksify (>= 0.3)
      eventmachine (>= 1.0.3)
      http_parser.rb (>= 0.6.0.beta.2)
    em-socksify (0.3.0)
      eventmachine (>= 1.0.0.beta.4)
    eventmachine (1.0.3)
    faye (0.8.9)
      cookiejar (>= 0.3.0)
      em-http-request (>= 0.3.0)
      eventmachine (>= 0.12.0)
      faye-websocket (>= 0.4.0)
      rack (>= 1.0.0)
      yajl-ruby (>= 1.0.0)
    faye-websocket (0.7.0)
      eventmachine (>= 0.12.0)
      websocket-driver (>= 0.3.0)
    ffi (1.9.0)
    http_parser.rb (0.6.0.beta.2)
    jasmine (1.3.2)
      jasmine-core (~> 1.3.1)
      rack (~> 1.0)
      rspec (>= 1.3.1)
      selenium-webdriver (>= 0.1.3)
    jasmine-core (1.3.1)
    multi_json (1.8.0)
    rack (1.5.2)
    rake (10.1.0)
    rspec (2.8.0)
      rspec-core (~> 2.8.0)
      rspec-expectations (~> 2.8.0)
      rspec-mocks (~> 2.8.0)
    rspec-core (2.8.0)
    rspec-expectations (2.8.0)
      diff-lcs (~> 1.1.2)
    rspec-mocks (2.8.0)
    rubyzip (0.9.9)
    selenium-webdriver (2.35.1)
      childprocess (>= 0.2.5)
      multi_json (~> 1.0)
      rubyzip (< 1.0.0)
      websocket (~> 1.0.4)
    thin (1.5.1)
      daemons (>= 1.0.9)
      eventmachine (>= 0.12.6)
      rack (>= 1.0.0)
    websocket (1.0.7)
    websocket-driver (0.3.0)
    yajl-ruby (1.1.0)

PLATFORMS
  ruby

DEPENDENCIES
  rails_chat!
  jasmine (>= 1.1.1)
  rake
  rspec (~> 2.8.0)
